GEM
  remote: http://rubygems.org/
  specs:
    configuration (1.2.0)
    diff-lcs (1.1.2)
    git (1.2.5)
    jeweler (1.5.2)
      bundler (~> 1.0.0)
      git (>= 1.2.5)
      rake
    launchy (0.3.7)
      configuration (>= 0.0.5)
      rake (>= 0.8.1)
    rake (0.8.7)
    rcov (0.9.9)
    rspec (2.3.0)
      rspec-core (~> 2.3.0)
      rspec-expectations (~> 2.3.0)
      rspec-mocks (~> 2.3.0)
    rspec-core (2.3.1)
    rspec-expectations (2.3.0)
      diff-lcs (~> 1.1.2)
    rspec-mocks (2.3.0)
    web-socket-ruby (0.1.0)

PLATFORMS
  ruby

DEPENDENCIES
  bundler (~> 1.0.0)
  jeweler (~> 1.5.2)
  launchy
  rcov
  rspec (~> 2.3.0)
  web-socket-ruby (~> 0.1.0)
